GEM
  remote: https://rubygems.org/
  specs:
    byebug (10.0.2)
    coderay (1.1.2)
    method_source (0.9.0)
    pry (0.11.3)
      coderay (~> 1.1.0)
      method_source (~> 0.9.0)
    pry-byebug (3.6.0)
      byebug (~> 10.0)
      pry (~> 0.10)
    puma (3.11.4)
    rack (2.0.4)
    rack-test (1.0.0)
      rack (>= 1.0, < 3)

PLATFORMS
  ruby

DEPENDENCIES
  pry-byebug
  puma
  rack
  rack-test

RUBY VERSION
   ruby 2.5.1p57

BUNDLED WITH
   1.16.1
